PATH
  remote: .
  specs:
    Runapk (4.0.2)

GEM
  remote: https://rubygems.org/
  specs:
    addressable (2.6.0)
      public_suffix (>= 2.0.2, < 4.0)
    colorator (1.1.0)
    declarative (0.0.10)
    declarative-option (0.1.0)
    equatable (0.5.0)
    faraday (0.15.4)
      multipart-post (>= 1.2, < 3)
    google-api-client (0.28.6)
      addressable (~> 2.5, >= 2.5.1)
      googleauth (>= 0.5, < 0.10.0)
      httpclient (>= 2.8.1, < 3.0)
      mime-types (~> 3.0)
      representable (~> 3.0)
      retriable (>= 2.0, < 4.0)
      signet (~> 0.10)
    google_drive (3.0.2)
      google-api-client (>= 0.11.0, < 0.29.0)
      googleauth (>= 0.5.0, < 1.0.0)
      nokogiri (>= 1.5.3, < 2.0.0)
    googleauth (0.8.1)
      faraday (~> 0.12)
      jwt (>= 1.4, < 3.0)
      memoist (~> 0.16)
      multi_json (~> 1.11)
      os (>= 0.9, < 2.0)
      signet (~> 0.7)
    hitimes (1.3.0)
    httpclient (2.8.3)
    jwt (2.1.0)
    memoist (0.16.0)
    mime-types (3.2.2)
      mime-types-data (~> 3.2015)
    mime-types-data (3.2019.0331)
    mini_portile2 (2.4.0)
    multi_json (1.13.1)
    multipart-post (2.0.0)
    necromancer (0.4.0)
    nokogiri (1.10.0)
      mini_portile2 (~> 2.4.0)
    os (1.0.0)
    pastel (0.7.2)
      equatable (~> 0.5.0)
      tty-color (~> 0.4.0)
    public_suffix (3.0.3)
    representable (3.0.4)
      declarative (< 0.1.0)
      declarative-option (< 0.2.0)
      uber (< 0.2.0)
    retriable (3.1.2)
    signet (0.11.0)
      addressable (~> 2.3)
      faraday (~> 0.9)
      jwt (>= 1.5, < 3.0)
      multi_json (~> 1.10)
    timers (4.1.2)
      hitimes
    tty-color (0.4.3)
    tty-cursor (0.5.0)
    tty-prompt (0.16.1)
      necromancer (~> 0.4.0)
      pastel (~> 0.7.0)
      timers (~> 4.0)
      tty-cursor (~> 0.5.0)
      tty-reader (~> 0.3.0)
    tty-reader (0.3.0)
      tty-cursor (~> 0.5.0)
      tty-screen (~> 0.6.4)
      wisper (~> 2.0.0)
    tty-screen (0.6.5)
    uber (0.1.0)
    wisper (2.0.0)

PLATFORMS
  ruby

DEPENDENCIES
  Runapk!
  colorator (~> 1.1.0)
  google_drive
  nokogiri
  tty-prompt

BUNDLED WITH
   1.16.3
